GEM
  remote: https://rubygems.org/
  specs:
    addressable (2.2.8)
    backports (3.6.4)
    coderay (1.1.0)
    coffee-script (2.2.0)
      coffee-script-source
      execjs
    coffee-script-source (1.9.1)
    daemons (1.2.2)
    dashing (1.3.4)
      coffee-script (~> 2.2.0)
      execjs (~> 2.0.2)
      rack (~> 1.5.2)
      rufus-scheduler (~> 2.0.24)
      sass (~> 3.2.12)
      sinatra (~> 1.4.4)
      sinatra-contrib (~> 1.4.2)
      sprockets (~> 2.10.1)
      thin (~> 1.6.1)
      thor (~> 0.18.1)
    diff-lcs (1.2.5)
    domain_name (0.5.23)
      unf (>= 0.0.5, < 1.0.0)
    eventmachine (1.0.7)
    execjs (2.0.2)
    faraday (0.9.1)
      multipart-post (>= 1.2, < 3)
    faraday_middleware (0.9.1)
      faraday (>= 0.7.4, < 0.10)
    hashie (3.4.1)
    hike (1.2.3)
    http-cookie (1.0.2)
      domain_name (~> 0.5)
    mail (2.6.3)
      mime-types (>= 1.16, < 3)
    mechanize (2.7.3)
      domain_name (~> 0.5, >= 0.5.1)
      http-cookie (~> 1.0)
      mime-types (~> 2.0)
      net-http-digest_auth (~> 1.1, >= 1.1.1)
      net-http-persistent (~> 2.5, >= 2.5.2)
      nokogiri (~> 1.4)
      ntlm-http (~> 0.1, >= 0.1.1)
      webrobots (>= 0.0.9, < 0.2)
    method_source (0.8.2)
    mime (0.4.2)
    mime-types (2.4.3)
    mini_portile (0.6.2)
    multi_json (1.11.0)
    multipart-post (2.0.0)
    net-http-digest_auth (1.4)
    net-http-persistent (2.9.4)
    netrc (0.10.3)
    nokogiri (1.6.6.2)
      mini_portile (~> 0.6.0)
    ntlm-http (0.1.1)
    oauth (0.4.7)
    octokit (2.1.1)
      sawyer (~> 0.3.0)
    passenger (5.0.6)
      rack
      rake (>= 0.8.1)
    plex-ruby (1.5.2)
      nokogiri
    pocket-ruby (0.0.6)
      faraday (>= 0.7)
      faraday_middleware (~> 0.9)
      hashie (>= 0.4.0)
      multi_json (~> 1.0, >= 1.0.3)
    pry (0.10.1)
      coderay (~> 1.1.0)
      method_source (~> 0.8.1)
      slop (~> 3.4)
    rack (1.5.2)
    rack-protection (1.5.3)
      rack
    rack-test (0.6.3)
      rack (>= 1.0)
    rake (10.4.2)
    redis (3.2.1)
    redis-objects (1.1.0)
      redis (>= 3.0.2)
    rest-client (1.8.0)
      http-cookie (>= 1.0.2, < 2.0)
      mime-types (>= 1.16, < 3.0)
      netrc (~> 0.7)
    rspec (3.2.0)
      rspec-core (~> 3.2.0)
      rspec-expectations (~> 3.2.0)
      rspec-mocks (~> 3.2.0)
    rspec-core (3.2.3)
      rspec-support (~> 3.2.0)
    rspec-expectations (3.2.1)
      diff-lcs (>= 1.2.0, < 2.0)
      rspec-support (~> 3.2.0)
    rspec-mocks (3.2.1)
      diff-lcs (>= 1.2.0, < 2.0)
      rspec-support (~> 3.2.0)
    rspec-support (3.2.2)
    ruby-gmail (0.3.1)
      mail (>= 2.2.1)
      mime (>= 0.1)
      shared-mime-info
    ruby-trello (0.3.0)
      addressable (~> 2.2.6)
      oauth (~> 0.4.5)
      yajl-ruby (>= 1.1.0)
    rufus-scheduler (2.0.24)
      tzinfo (>= 0.3.22)
    sass (3.2.19)
    sawyer (0.3.0)
      faraday (~> 0.8, < 0.10)
      uri_template (~> 0.5.0)
    shared-mime-info (0.2.5)
    sinatra (1.4.6)
      rack (~> 1.4)
      rack-protection (~> 1.4)
      tilt (>= 1.3, < 3)
    sinatra-contrib (1.4.2)
      backports (>= 2.0)
      multi_json
      rack-protection
      rack-test
      sinatra (~> 1.4.0)
      tilt (~> 1.3)
    slop (3.6.0)
    sprockets (2.10.2)
      hike (~> 1.2)
      multi_json (~> 1.0)
      rack (~> 1.0)
      tilt (~> 1.1, != 1.3.0)
    thin (1.6.3)
      daemons (~> 1.0, >= 1.0.9)
      eventmachine (~> 1.0)
      rack (~> 1.0)
    thor (0.18.1)
    thread_safe (0.3.5)
    tilt (1.4.1)
    tzinfo (1.2.2)
      thread_safe (~> 0.1)
    unf (0.1.4)
      unf_ext
    unf_ext (0.0.6)
    uri_template (0.5.3)
    webrobots (0.1.1)
    yajl-ruby (1.2.1)

PLATFORMS
  ruby

DEPENDENCIES
  dashing
  mechanize
  nokogiri
  octokit
  passenger
  plex-ruby
  pocket-ruby
  pry
  rake
  redis-objects
  rest-client (= 1.8.0)
  rspec
  ruby-gmail
  ruby-trello
